GEM
  remote: https://rubygems.org/
  specs:
    archive-zip (0.12.0)
      io-like (~> 0.3.0)
    dir (0.1.2)
    fileutils (1.5.0)
    io-like (0.3.1)

PLATFORMS
  ruby
  x64-mingw32

DEPENDENCIES
  archive-zip (~> 0.12.0)
  dir (~> 0.1.2)
  fileutils (~> 1.5)

BUNDLED WITH
   2.2.3
